GEM
  remote: http://rubygems.org/
  specs:
    activemodel (3.2.7)
      activesupport (= 3.2.7)
      builder (~> 3.0.0)
    activesupport (3.2.7)
      i18n (~> 0.6)
      multi_json (~> 1.0)
    bson (1.6.4)
    builder (3.0.0)
    diff-lcs (1.1.3)
    i18n (0.6.0)
    machinist (2.0)
    mongo (1.3.1)
      bson (~> 1.3.1)
    mongo_mapper (0.11.2)
      activemodel (~> 3.0)
      activesupport (~> 3.0)
      plucky (~> 0.5.1)
    mongoid (3.0.3)
      activemodel (~> 3.1)
      moped (~> 1.1)
      origin (~> 1.0)
      tzinfo (~> 0.3.22)
    moped (1.2.0)
    multi_json (1.3.6)
    origin (1.0.6)
    plucky (0.5.1)
      mongo (~> 1.3)
    rake (0.9.2.2)
    rspec (2.11.0)
      rspec-core (~> 2.11.0)
      rspec-expectations (~> 2.11.0)
      rspec-mocks (~> 2.11.0)
    rspec-core (2.11.1)
    rspec-expectations (2.11.2)
      diff-lcs (~> 1.1.3)
    rspec-mocks (2.11.1)
    tzinfo (0.3.33)

PLATFORMS
  ruby

DEPENDENCIES
  machinist (>= 2.0.0)
  mongo (>= 1.3.0)
  mongo_mapper (>= 0.11.1)
  mongoid (>= 2.0.0)
  moped
  rake
  rspec
